GEM
  remote: https://rubygems.org/
  specs:
    dotenv (2.1.1)
    geckoboard-ruby (0.2.0)

PLATFORMS
  ruby

DEPENDENCIES
  dotenv
  geckoboard-ruby

RUBY VERSION
   ruby 2.3.1p112

BUNDLED WITH
   1.12.5
